GEM
  remote: https://rubygems.org/
  specs:
    erubis (2.7.0)
    power_assert (0.3.0)
    rake (11.2.2)
    test-unit (3.2.1)
      power_assert

PLATFORMS
  ruby

DEPENDENCIES
  erubis
  rake
  test-unit

BUNDLED WITH
   1.13.7
